GEM
  remote: https://rubygems.org/
  specs:
    addressable (2.8.0)
      public_suffix (>= 2.0.2, < 5.0)
    domain_name (0.5.20190701)
      unf (>= 0.0.5, < 1.0.0)
    ffi (1.15.5-x64-mingw-ucrt)
    ffi (1.15.5-x86-mingw32)
    ffi-compiler (1.0.1)
      ffi (>= 1.0.0)
      rake
    http (5.0.4)
      addressable (~> 2.8)
      http-cookie (~> 1.0)
      http-form_data (~> 2.2)
      llhttp-ffi (~> 0.4.0)
    http-cookie (1.0.4)
      domain_name (~> 0.5)
    http-form_data (2.3.0)
    llhttp-ffi (0.4.0)
      ffi-compiler (~> 1.0)
      rake (~> 13.0)
    ocra (1.3.11)
    pastel (0.8.0)
      tty-color (~> 0.5)
    public_suffix (4.0.6)
    rake (13.0.6)
    tty-color (0.6.0)
    tty-cursor (0.7.1)
    tty-prompt (0.23.1)
      pastel (~> 0.8)
      tty-reader (~> 0.8)
    tty-reader (0.9.0)
      tty-cursor (~> 0.7)
      tty-screen (~> 0.8)
      wisper (~> 2.0)
    tty-screen (0.8.1)
    unf (0.1.4)
      unf_ext
    unf_ext (0.0.8.1)
    unf_ext (0.0.8.1-x86-mingw32)
    wisper (2.0.1)

PLATFORMS
  x64-mingw-ucrt
  x86-mingw32

DEPENDENCIES
  http (~> 5.0)
  ocra (~> 1.3)
  rake (~> 13.0)
  tty-prompt (~> 0.23.1)

BUNDLED WITH
   2.3.6
