GEM
  remote: https://rubygems.org/
  specs:
    ocra (1.3.11)
    pastel (0.8.0)
      tty-color (~> 0.5)
    rake (13.0.6)
    tty-color (0.6.0)
    tty-cursor (0.7.1)
    tty-prompt (0.23.1)
      pastel (~> 0.8)
      tty-reader (~> 0.8)
    tty-reader (0.9.0)
      tty-cursor (~> 0.7)
      tty-screen (~> 0.8)
      wisper (~> 2.0)
    tty-screen (0.8.1)
    wisper (2.0.1)

PLATFORMS
  x86-mingw32

DEPENDENCIES
  ocra (~> 1.3)
  rake (~> 13.0)
  tty-prompt (~> 0.23.1)

BUNDLED WITH
   2.3.6
